PATH
  remote: .
  specs:
    faqtly (1.0)
      chronic
      compass (~> 0.12.0)
      grid-coordinates (~> 1.1.4)
      haml (~> 4.0.5)
      httparty (~> 0.8.1)
      i18n
      i18n
      nokogiri (~> 1.5.0)
      pg (~> 0.13.2)
      rack-flash3
      rake
      sass (~> 3.1.12)
      sequel (~> 4.11.0)
      sequel_pg
      sinatra (~> 1.4.5)
      sinatra-support
      will_paginate (~> 3.0.5)

GEM
  remote: http://rubygems.org/
  specs:
    addressable (2.3.2)
    capybara (2.0.3)
      mime-types (>= 1.16)
      nokogiri (>= 1.3.3)
      rack (>= 1.0.0)
      rack-test (>= 0.5.4)
      selenium-webdriver (~> 2.0)
      xpath (~> 1.0.0)
    childprocess (0.3.9)
      ffi (~> 1.0, >= 1.0.11)
    chronic (0.10.2)
    chunky_png (1.3.1)
    coderay (1.0.9)
    compass (0.12.2)
      chunky_png (~> 1.2)
      fssm (>= 0.2.7)
      sass (~> 3.1)
    daemons (1.1.9)
    database_cleaner (0.9.1)
    eventmachine (1.0.3)
    excon (0.16.4)
    ffi (1.6.0)
    fssm (0.2.10)
    grid-coordinates (1.1.9)
      compass (>= 0.11.5)
    haml (4.0.5)
      tilt
    heroku (2.32.4)
      heroku-api (~> 0.3.5)
      launchy (>= 0.3.2)
      netrc (~> 0.7.7)
      rest-client (~> 1.6.1)
      rubyzip
    heroku-api (0.3.5)
      excon (~> 0.16.1)
    httparty (0.8.3)
      multi_json (~> 1.0)
      multi_xml
    i18n (0.6.9)
    launchy (2.1.2)
      addressable (~> 2.3)
    method_source (0.8.1)
    mime-types (1.19)
    multi_json (1.3.6)
    multi_xml (0.5.5)
    netrc (0.7.7)
    nokogiri (1.5.5)
    pg (0.13.2)
    pry (0.9.12)
      coderay (~> 1.0.5)
      method_source (~> 0.8)
      slop (~> 3.4)
    rack (1.4.1)
    rack-flash3 (1.0.5)
      rack
    rack-protection (1.5.3)
      rack
    rack-test (0.6.2)
      rack (>= 1.0)
    rake (0.9.2.2)
    rest-client (1.6.7)
      mime-types (>= 1.16)
    rubyzip (0.9.9)
    sass (3.1.21)
    selenium-webdriver (2.31.0)
      childprocess (>= 0.2.5)
      multi_json (~> 1.0)
      rubyzip
      websocket (~> 1.0.4)
    sequel (4.11.0)
    sequel_pg (1.6.9)
      pg (>= 0.8.0)
      sequel (>= 3.39.0)
    shotgun (0.9)
      rack (>= 1.0)
    sinatra (1.4.5)
      rack (~> 1.4)
      rack-protection (~> 1.4)
      tilt (~> 1.3, >= 1.3.4)
    sinatra-support (1.2.2)
      sinatra (>= 1.0)
    slop (3.4.4)
    sqlite3 (1.3.7)
    thin (1.5.1)
      daemons (>= 1.0.9)
      eventmachine (>= 0.12.6)
      rack (>= 1.0.0)
    tilt (1.4.1)
    websocket (1.0.7)
    will_paginate (3.0.5)
    xpath (1.0.0)
      nokogiri (~> 1.3)

PLATFORMS
  ruby

DEPENDENCIES
  capybara
  database_cleaner
  faqtly!
  heroku
  pry
  rack-test
  rake
  shotgun (~> 0.9)
  sqlite3
  thin
