PATH
  remote: .
  specs:
    faqtly (1.0)
      chronic
      compass (= 1.0.0)
      grid-coordinates (~> 1.1.4)
      haml (~> 4.0.5)
      httparty (~> 0.8.1)
      i18n
      nokogiri (~> 1.6.8)
      pg (~> 0.18.2)
      rack-flash3
      rake
      sass (~> 3.4.25)
      sequel (~> 4.24.0)
      sequel_pg (~> 1.6.13)
      sinatra (~> 2.0.0.beta1)
      sinatra-support
      will_paginate (~> 3.0.5)

GEM
  remote: http://rubygems.org/
  specs:
    addressable (2.5.2)
      public_suffix (>= 2.0.2, < 4.0)
    byebug (9.1.0)
    capybara (2.18.0)
      addressable
      mini_mime (>= 0.1.3)
      nokogiri (>= 1.3.3)
      rack (>= 1.0.0)
      rack-test (>= 0.5.4)
      xpath (>= 2.0, < 4.0)
    chronic (0.10.2)
    chunky_png (1.3.10)
    coderay (1.1.2)
    compass (1.0.0)
      chunky_png (~> 1.2)
      compass-core (~> 1.0.0)
      compass-import-once (~> 1.0.5)
      rb-fsevent (>= 0.9.3)
      rb-inotify (>= 0.9)
      sass (>= 3.3.13, < 3.5)
    compass-core (1.0.3)
      multi_json (~> 1.0)
      sass (>= 3.3.0, < 3.5)
    compass-import-once (1.0.5)
      sass (>= 3.2, < 3.5)
    concurrent-ruby (1.0.5)
    daemons (1.2.6)
    database_cleaner (1.7.0)
    eventmachine (1.2.7)
    ffi (1.9.25)
    grid-coordinates (1.1.9)
      compass (>= 0.11.5)
    haml (4.0.7)
      tilt
    httparty (0.8.3)
      multi_json (~> 1.0)
      multi_xml
    i18n (1.0.1)
      concurrent-ruby (~> 1.0)
    method_source (0.8.2)
    mini_mime (1.0.0)
    mini_portile2 (2.1.0)
    multi_json (1.13.1)
    multi_xml (0.6.0)
    mustermann (1.0.2)
    nokogiri (1.6.8.1)
      mini_portile2 (~> 2.1.0)
    pg (0.18.4)
    power_assert (1.1.3)
    pry (0.10.4)
      coderay (~> 1.1.0)
      method_source (~> 0.8.1)
      slop (~> 3.4)
    pry-nav (0.2.4)
      pry (>= 0.9.10, < 0.11.0)
    public_suffix (3.0.2)
    rack (2.0.5)
    rack-flash3 (1.0.5)
      rack
    rack-protection (2.0.3)
      rack
    rack-test (1.0.0)
      rack (>= 1.0, < 3)
    rake (12.3.1)
    rb-fsevent (0.10.3)
    rb-inotify (0.9.10)
      ffi (>= 0.5.0, < 2)
    sass (3.4.25)
    sequel (4.24.0)
    sequel_pg (1.6.19)
      pg (>= 0.8.0)
      sequel (>= 4.0.0)
    shotgun (0.9.2)
      rack (>= 1.0)
    sinatra (2.0.3)
      mustermann (~> 1.0)
      rack (~> 2.0)
      rack-protection (= 2.0.3)
      tilt (~> 2.0)
    sinatra-support (1.2.2)
      sinatra (>= 1.0)
    slop (3.6.0)
    test-unit (3.2.8)
      power_assert
    thin (1.7.2)
      daemons (~> 1.0, >= 1.0.9)
      eventmachine (~> 1.0, >= 1.0.4)
      rack (>= 1, < 3)
    tilt (2.0.8)
    will_paginate (3.0.12)
    xpath (2.1.0)
      nokogiri (~> 1.3)

PLATFORMS
  ruby

DEPENDENCIES
  byebug (~> 9.0)
  capybara (= 2.18.0)
  database_cleaner
  faqtly!
  pry
  pry-nav
  rack-test
  shotgun (~> 0.9)
  test-unit
  thin

BUNDLED WITH
   1.16.3
