PATH
  remote: .
  specs:
    faqtly (1.0)
      chronic
      compass (~> 0.12.0)
      grid-coordinates (~> 1.1.4)
      haml (~> 4.0.5)
      i18n
      pg (~> 0.18.2)
      rack-flash3
      rake
      sass (~> 3.2.19)
      sequel (~> 4.24.0)
      sequel_pg (~> 1.6.13)
      sinatra (~> 1.4.5)
      sinatra-support
      will_paginate (~> 3.0.5)

GEM
  remote: http://rubygems.org/
  specs:
    capybara (2.0.3)
      mime-types (>= 1.16)
      nokogiri (>= 1.3.3)
      rack (>= 1.0.0)
      rack-test (>= 0.5.4)
      selenium-webdriver (~> 2.0)
      xpath (~> 1.0.0)
    childprocess (0.5.9)
      ffi (~> 1.0, >= 1.0.11)
    chronic (0.10.2)
    chunky_png (1.3.8)
    coderay (1.0.9)
    compass (0.12.7)
      chunky_png (~> 1.2)
      fssm (>= 0.2.7)
      sass (~> 3.2.19)
    daemons (1.1.9)
    database_cleaner (0.9.1)
    eventmachine (1.0.3)
    ffi (1.9.14)
    fssm (0.2.10)
    grid-coordinates (1.1.9)
      compass (>= 0.11.5)
    haml (4.0.7)
      tilt
    i18n (0.7.0)
    method_source (0.8.1)
    mime-types (2.99.3)
    multi_json (1.12.1)
    nokogiri (1.5.11)
    pg (0.18.4)
    pry (0.9.12)
      coderay (~> 1.0.5)
      method_source (~> 0.8)
      slop (~> 3.4)
    pry-nav (0.2.4)
      pry (>= 0.9.10, < 0.11.0)
    rack (1.4.1)
    rack-flash3 (1.0.5)
      rack
    rack-protection (1.5.3)
      rack
    rack-test (0.6.2)
      rack (>= 1.0)
    rake (12.0.0)
    rubyzip (1.2.0)
    sass (3.2.19)
    selenium-webdriver (2.49.0)
      childprocess (~> 0.5)
      multi_json (~> 1.0)
      rubyzip (~> 1.0)
      websocket (~> 1.0)
    sequel (4.24.0)
    sequel_pg (1.6.17)
      pg (>= 0.8.0)
      sequel (>= 4.0.0)
    shotgun (0.9)
      rack (>= 1.0)
    sinatra (1.4.6)
      rack (~> 1.4)
      rack-protection (~> 1.4)
      tilt (>= 1.3, < 3)
    sinatra-support (1.2.2)
      sinatra (>= 1.0)
    slop (3.4.4)
    thin (1.5.1)
      daemons (>= 1.0.9)
      eventmachine (>= 0.12.6)
      rack (>= 1.0.0)
    tilt (2.0.5)
    websocket (1.2.3)
    will_paginate (3.0.12)
    xpath (1.0.0)
      nokogiri (~> 1.3)

PLATFORMS
  ruby

DEPENDENCIES
  capybara (~> 2.0.3)
  database_cleaner
  faqtly!
  pry
  pry-nav
  rack-test
  shotgun (~> 0.9)
  thin

BUNDLED WITH
   1.13.6
