PATH
  remote: .
  specs:
    faqtly (1.0)
      bourbon (~> 4.2.7)
      chronic
      grid-coordinates (~> 1.1.4)
      haml (~> 4.0.5)
      i18n
      pg (~> 0.18.2)
      rack-flash3
      rake
      sass (>= 3.2.19)
      sequel (~> 4.24.0)
      sequel_pg (~> 1.6.13)
      sinatra (~> 2.0.0.beta1)
      sinatra-support
      will_paginate (~> 3.0.5)

GEM
  remote: http://rubygems.org/
  specs:
    bourbon (4.2.7)
      sass (~> 3.4)
      thor (~> 0.19)
    capybara (2.0.3)
      mime-types (>= 1.16)
      nokogiri (>= 1.3.3)
      rack (>= 1.0.0)
      rack-test (>= 0.5.4)
      selenium-webdriver (~> 2.0)
      xpath (~> 1.0.0)
    childprocess (0.6.1)
      ffi (~> 1.0, >= 1.0.11)
    chronic (0.10.2)
    chunky_png (1.3.8)
    coderay (1.1.1)
    compass (1.0.3)
      chunky_png (~> 1.2)
      compass-core (~> 1.0.2)
      compass-import-once (~> 1.0.5)
      rb-fsevent (>= 0.9.3)
      rb-inotify (>= 0.9)
      sass (>= 3.3.13, < 3.5)
    compass-core (1.0.3)
      multi_json (~> 1.0)
      sass (>= 3.3.0, < 3.5)
    compass-import-once (1.0.5)
      sass (>= 3.2, < 3.5)
    daemons (1.2.4)
    database_cleaner (1.5.3)
    eventmachine (1.2.1)
    ffi (1.9.17)
    grid-coordinates (1.1.9)
      compass (>= 0.11.5)
    haml (4.0.7)
      tilt
    i18n (0.7.0)
    method_source (0.8.2)
    mime-types (3.1)
      mime-types-data (~> 3.2015)
    mime-types-data (3.2016.0521)
    mini_portile2 (2.1.0)
    multi_json (1.12.1)
    mustermann (1.0.0.beta2)
    nokogiri (1.7.0.1)
      mini_portile2 (~> 2.1.0)
    pg (0.18.4)
    pry (0.10.4)
      coderay (~> 1.1.0)
      method_source (~> 0.8.1)
      slop (~> 3.4)
    pry-nav (0.2.4)
      pry (>= 0.9.10, < 0.11.0)
    rack (2.0.1)
    rack-flash3 (1.0.5)
      rack
    rack-protection (2.0.0.beta2)
      rack
    rack-test (0.6.3)
      rack (>= 1.0)
    rake (12.0.0)
    rb-fsevent (0.9.8)
    rb-inotify (0.9.8)
      ffi (>= 0.5.0)
    rubyzip (1.2.0)
    sass (3.4.23)
    selenium-webdriver (2.53.4)
      childprocess (~> 0.5)
      rubyzip (~> 1.0)
      websocket (~> 1.0)
    sequel (4.24.0)
    sequel_pg (1.6.17)
      pg (>= 0.8.0)
      sequel (>= 4.0.0)
    shotgun (0.9.2)
      rack (>= 1.0)
    sinatra (2.0.0.beta2)
      mustermann (= 1.0.0.beta2)
      rack (~> 2.0)
      rack-protection (= 2.0.0.beta2)
      tilt (~> 2.0)
    sinatra-support (1.2.2)
      sinatra (>= 1.0)
    slop (3.6.0)
    thin (1.7.0)
      daemons (~> 1.0, >= 1.0.9)
      eventmachine (~> 1.0, >= 1.0.4)
      rack (>= 1, < 3)
    thor (0.19.4)
    tilt (2.0.6)
    websocket (1.2.3)
    will_paginate (3.0.12)
    xpath (1.0.0)
      nokogiri (~> 1.3)

PLATFORMS
  ruby

DEPENDENCIES
  capybara (~> 2.0.3)
  database_cleaner
  faqtly!
  pry
  pry-nav
  rack-test
  shotgun (~> 0.9)
  thin

BUNDLED WITH
   1.14.2
