PATH
  remote: .
  specs:
    faqtly (1.0)
      chronic
      compass (~> 0.11.6)
      grid-coordinates (~> 1.1.4)
      haml (~> 3.1.4)
      httparty (~> 0.8.1)
      i18n
      i18n
      nokogiri (~> 1.5.0)
      pg (~> 0.13.2)
      rack-flash3
      sass (~> 3.1.12)
      sequel
      sequel_pg
      shotgun (~> 0.9)
      sinatra (~> 1.2.3)
      sinatra-support
      thin

GEM
  remote: http://rubygems.org/
  specs:
    ZenTest (4.8.2)
    activesupport (3.2.8)
      i18n (~> 0.6)
      multi_json (~> 1.0)
    addressable (2.3.2)
    autotest (4.4.6)
      ZenTest (>= 4.4.1)
    chronic (0.8.0)
    chunky_png (1.2.6)
    coderay (1.0.8)
    columnize (0.3.6)
    compass (0.11.7)
      chunky_png (~> 1.2)
      fssm (>= 0.2.7)
      sass (~> 3.1)
    daemons (1.1.9)
    debugger (1.2.0)
      columnize (>= 0.3.1)
      debugger-linecache (~> 1.1.1)
      debugger-ruby_core_source (~> 1.1.3)
    debugger-linecache (1.1.2)
      debugger-ruby_core_source (>= 1.1.1)
    debugger-ruby_core_source (1.1.3)
    eventmachine (1.0.0)
    excon (0.16.4)
    factory_girl (4.1.0)
      activesupport (>= 3.0.0)
    fssm (0.2.9)
    grid-coordinates (1.1.9)
      compass (>= 0.11.5)
    haml (3.1.7)
    heroku (2.32.4)
      heroku-api (~> 0.3.5)
      launchy (>= 0.3.2)
      netrc (~> 0.7.7)
      rest-client (~> 1.6.1)
      rubyzip
    heroku-api (0.3.5)
      excon (~> 0.16.1)
    httparty (0.8.3)
      multi_json (~> 1.0)
      multi_xml
    i18n (0.6.1)
    launchy (2.1.2)
      addressable (~> 2.3)
    method_source (0.8)
    mime-types (1.19)
    multi_json (1.3.6)
    multi_xml (0.5.1)
    netrc (0.7.7)
    nokogiri (1.5.5)
    pg (0.13.2)
    pry (0.9.10)
      coderay (~> 1.0.5)
      method_source (~> 0.8)
      slop (~> 3.3.1)
    pry-nav (0.2.2)
      pry (~> 0.9.10)
    rack (1.4.1)
    rack-flash3 (1.0.1)
      rack
      rack
    rack-test (0.6.2)
      rack (>= 1.0)
    rake (0.9.2.2)
    rest-client (1.6.7)
      mime-types (>= 1.16)
    rubyzip (0.9.9)
    sass (3.1.21)
    sequel (3.41.0)
    sequel_pg (1.6.2)
      pg (>= 0.8.0)
      sequel (>= 3.39.0)
    shotgun (0.9)
      rack (>= 1.0)
    sinatra (1.2.8)
      rack (~> 1.1)
      tilt (>= 1.2.2, < 2.0)
    sinatra-support (1.2.2)
      sinatra (>= 1.0)
    slop (3.3.3)
    sqlite3 (1.3.6)
    thin (1.5.0)
      daemons (>= 1.0.9)
      eventmachine (>= 0.12.6)
      rack (>= 1.0.0)
    tilt (1.3.3)

PLATFORMS
  ruby

DEPENDENCIES
  autotest
  debugger
  factory_girl
  faqtly!
  heroku
  pry
  pry-nav
  rack-test
  rake
  sqlite3
